GEM
  remote: http://rubygems.org/
  specs:
    addressable (2.2.7)
    base64 (0.2.0)
    crack (0.1.8)
    daemons (1.1.3)
    eventmachine (0.12.10)
    faraday (2.12.0)
      faraday-net_http (>= 2.0, < 3.4)
      json
      logger
    faraday-net_http (3.3.0)
      net-http
    httparty (0.7.8)
      crack (= 0.1.8)
    json (1.5.5)
    koala (2.5.0)
      addressable
      faraday
    logger (1.6.1)
    mustermann (3.0.3)
      ruby2_keywords (~> 0.0.1)
    net-http (0.4.1)
      uri
    rack (2.2.8.1)
    rack-protection (3.2.0)
      base64 (>= 0.1.0)
      rack (~> 2.2, >= 2.2.4)
    ruby2_keywords (0.0.5)
    sinatra (3.2.0)
      mustermann (~> 3.0)
      rack (~> 2.2, >= 2.2.4)
      rack-protection (= 3.2.0)
      tilt (~> 2.0)
    thin (1.2.11)
      daemons (>= 1.0.9)
      eventmachine (>= 0.12.6)
      rack (>= 1.0.0)
    tilt (2.4.0)
    uri (0.13.1)

PLATFORMS
  ruby

DEPENDENCIES
  httparty
  json (= 1.5.5)
  koala
  rack (= 2.2.8.1)
  sinatra
  thin
